GEM
  remote: https://rubygems.org/
  specs:
    mini_portile (0.5.2)
    moneta (0.7.20)
    nokogiri (1.6.1)
      mini_portile (~> 0.5.0)
    tta_terms_api (0.0.4)
      moneta (~> 0.7)
      nokogiri (~> 1.6)

PLATFORMS
  ruby

DEPENDENCIES
  tta_terms_api (~> 0.0.2)
