GEM
  remote: https://rubygems.org/
  specs:
    diff-lcs (1.2.5)
    mini_portile (0.5.2)
    moneta (0.7.20)
    nokogiri (1.6.1)
      mini_portile (~> 0.5.0)
    rspec (2.14.1)
      rspec-core (~> 2.14.0)
      rspec-expectations (~> 2.14.0)
      rspec-mocks (~> 2.14.0)
    rspec-core (2.14.7)
    rspec-expectations (2.14.4)
      diff-lcs (>= 1.1.3, < 2.0)
    rspec-mocks (2.14.4)
    tta_terms_api (0.0.4)
      moneta (~> 0.7)
      nokogiri (~> 1.6)

PLATFORMS
  ruby

DEPENDENCIES
  rspec
  tta_terms_api (~> 0.0.2)
